PATH
  remote: .
  specs:
    love (0.0.1)
      yajl-ruby

GEM
  remote: http://rubygems.org/
  specs:
    rake (0.8.7)
    yajl-ruby (0.7.8)

PLATFORMS
  ruby

DEPENDENCIES
  love!
  rake
  yajl-ruby
